PATH
  remote: .
  specs:
    backup2qiniu (0.3.0)
      backup (~> 3.1.0)
      qiniu-rs (~> 3.1)

GEM
  remote: https://rubygems.org/
  specs:
    backup (3.1.3)
      open4 (~> 1.3.0)
      thor (>= 0.15.4, < 2)
    json (1.7.7)
    mime-types (1.21)
    open4 (1.3.0)
    qiniu-rs (3.4.2)
      json (~> 1.7)
      mime-types (~> 1.19)
      rest-client (~> 1.6)
      ruby-hmac (~> 0.4)
    rest-client (1.6.7)
      mime-types (>= 1.16)
    ruby-hmac (0.4.0)
    thor (0.17.0)

PLATFORMS
  ruby

DEPENDENCIES
  backup2qiniu!
